GEM
  remote: http://rubygems.org/
  specs:
    bubble-wrap (1.3.0)
    celluloid (0.15.2)
      timers (~> 1.1.0)
    celluloid-io (0.15.0)
      celluloid (>= 0.15.0)
      nio4r (>= 0.5.0)
    coderay (1.1.0)
    ffi (1.9.3)
    formatador (0.2.4)
    formotion (1.5.1)
      bubble-wrap (~> 1.3.0)
      motion-require (~> 0.0.3)
    guard (2.6.0)
      formatador (>= 0.2.4)
      listen (~> 2.7)
      lumberjack (~> 1.0)
      pry (>= 0.9.12)
      thor (>= 0.18.1)
    guard-motion (0.1.2)
      guard (>= 1.1.0)
      rake (>= 0.9)
    listen (2.7.1)
      celluloid (>= 0.15.2)
      celluloid-io (>= 0.15.0)
      rb-fsevent (>= 0.9.3)
      rb-inotify (>= 0.9)
    lumberjack (1.0.5)
    method_source (0.8.2)
    motion-require (0.0.7)
    motion-support (0.2.6)
      motion-require (>= 0.0.6)
    motion_model (0.5.1)
      bubble-wrap (>= 1.3.0)
      motion-support (>= 0.1.0)
    nio4r (1.0.0)
    pry (0.9.12.6)
      coderay (~> 1.0)
      method_source (~> 0.8)
      slop (~> 3.4)
    rake (10.2.2)
    rb-fsevent (0.9.4)
    rb-inotify (0.9.3)
      ffi (>= 0.5.0)
    slop (3.5.0)
    sugarcube (1.5.5)
    thor (0.19.1)
    timers (1.1.0)

PLATFORMS
  ruby

DEPENDENCIES
  bubble-wrap (~> 1.3.0.osx)
  formotion
  guard-motion
  motion_model
  rb-fsevent
  sugarcube
