GEM
  remote: http://rubygems.org/
  specs:
    bubble-wrap (1.1.5)
    coderay (1.0.9)
    formatador (0.2.4)
    formotion (1.3.1)
      bubble-wrap (>= 1.1.4)
      motion-require (~> 0.0.3)
    guard (1.7.0)
      formatador (>= 0.2.4)
      listen (>= 0.6.0)
      lumberjack (>= 1.0.2)
      pry (>= 0.9.10)
      thor (>= 0.14.6)
    guard-motion (0.1.1)
      guard (>= 1.1.0)
      rake (>= 0.9)
    listen (0.7.3)
    lumberjack (1.0.3)
    method_source (0.8.1)
    motion-require (0.0.4)
    motion-support (0.1.0)
      bubble-wrap
    motion_model (0.4.1)
      bubble-wrap (~> 1.1.4)
      motion-support (>= 0.1.0)
    pry (0.9.12)
      coderay (~> 1.0.5)
      method_source (~> 0.8)
      slop (~> 3.4)
    rake (10.0.4)
    rb-fsevent (0.9.3)
    slop (3.4.4)
    thor (0.18.1)

PLATFORMS
  ruby

DEPENDENCIES
  formotion
  guard-motion
  motion_model
  rb-fsevent
